GEM
  remote: http://rubygems.org/
  specs:
    haml (3.1.3)
    hiredis (0.4.1)
    msgpack (0.4.6)
    nokogiri (1.5.0)
    rack (1.3.5)
    rack-protection (1.1.4)
      rack
    redis (2.2.2)
    sanitize (2.0.3)
      nokogiri (>= 1.4.4, < 1.6)
    sinatra (1.3.1)
      rack (~> 1.3, >= 1.3.4)
      rack-protection (~> 1.1, >= 1.1.2)
      tilt (~> 1.3, >= 1.3.3)
    tilt (1.3.3)

PLATFORMS
  ruby

DEPENDENCIES
  haml
  hiredis (~> 0.4.1)
  msgpack
  redis (~> 2.2.2)
  sanitize
  sinatra
